GIT
  remote: git://github.com/jslabovitz/hashstruct.git
  revision: 7f1a6248d1b1b300efaa02efb6eb7545a1854e20
  specs:
    hashstruct (1.0.0)

GEM
  remote: http://rubygems.org/
  specs:
    ParseTree (3.0.8)
      RubyInline (>= 3.7.0)
      sexp_processor (>= 3.0.0)
    RedCloth (4.3.2)
    RubyInline (3.12.4)
      ZenTest (~> 4.3)
    ZenTest (4.11.1)
    diff-lcs (1.1.3)
    file-tail (1.1.1)
      tins (~> 1.0)
    json (1.8.6)
    predicated (0.2.6)
    rack (1.4.7)
    rake (12.0.0)
    ruby2ruby (2.3.2)
      ruby_parser (~> 3.1)
      sexp_processor (~> 4.6)
    ruby_parser (3.8.4)
      sexp_processor (~> 4.1)
    rubytree (0.9.7)
      json (~> 1.8)
      structured_warnings (~> 0.2)
    sexp_processor (4.8.0)
    sourcify (0.5.0)
      file-tail (>= 1.0.5)
      ruby2ruby (>= 1.2.5)
      ruby_parser (>= 2.0.5)
      sexp_processor (>= 3.0.5)
    structured_warnings (0.2.0)
    tins (1.13.0)
    wrong (0.6.3)
      ParseTree (~> 3.0)
      diff-lcs (~> 1.1.2)
      file-tail (~> 1.0)
      predicated (>= 0.2.3)
      ruby2ruby (>= 2.0.1)
      ruby_parser (>= 3.0.1)
      sexp_processor (>= 4.0)
      sourcify (>= 0.3.0)

PLATFORMS
  ruby

DEPENDENCIES
  RedCloth (~> 4.3.0)
  hashstruct!
  rack (~> 1.4.6)
  rake
  rubytree
  wrong (~> 0.6.3)

BUNDLED WITH
   1.13.6
