GIT
  remote: git://github.com/jslabovitz/hashstruct.git
  revision: 9c94466a1d8b68c596a9f853727b4ee9897e29ff
  specs:
    hashstruct (0.0.2)

GEM
  remote: http://rubygems.org/
  specs:
    ParseTree (3.0.7)
      RubyInline (>= 3.7.0)
      sexp_processor (>= 3.0.0)
    RedCloth (4.2.7)
    RubyInline (3.9.0)
      ZenTest (~> 4.3)
    ZenTest (4.5.0)
    diff-lcs (1.1.2)
    file-tail (1.0.6)
      spruz (~> 0.2)
    predicated (0.2.6)
    rack (1.3.0)
    rake (0.9.2)
    ruby2ruby (1.2.5)
      ruby_parser (~> 2.0)
      sexp_processor (~> 3.0)
    ruby_parser (2.0.6)
      sexp_processor (~> 3.0)
    rubytree (0.8.1)
    sexp_processor (3.0.5)
    sourcify (0.5.0)
      file-tail (>= 1.0.5)
      ruby2ruby (>= 1.2.5)
      ruby_parser (>= 2.0.5)
      sexp_processor (>= 3.0.5)
    spruz (0.2.8)
    wrong (0.5.0)
      ParseTree (~> 3.0)
      diff-lcs (~> 1.1.2)
      file-tail (~> 1.0)
      predicated (>= 0.2.2)
      ruby2ruby (~> 1.2)
      ruby_parser (~> 2.0.4)
      sexp_processor (~> 3.0)
      sourcify (>= 0.3.0)

PLATFORMS
  ruby

DEPENDENCIES
  RedCloth
  hashstruct!
  rack
  rake
  rubytree
  wrong
